GIT
  remote: https://github.com/coinbase/coinbase-exchange-ruby.git
  revision: ad36d295e835178f2cc230404b6931e382f9002a
  specs:
    coinbase-exchange (0.1.2)
      bigdecimal
      em-http-request
      faye-websocket

PATH
  remote: .
  specs:
    jaxxstorm-sensu-plugins-coinbase (0.1.0)
      coinbase-exchange (~> 0.1)
      sensu-plugin (~> 1.2)

GEM
  remote: https://rubygems.org/
  specs:
    addressable (2.5.0)
      public_suffix (~> 2.0, >= 2.0.2)
    ast (2.3.0)
    bigdecimal (1.3.0)
    codeclimate-test-reporter (0.6.0)
      simplecov (>= 0.7.1, < 1.0.0)
    coderay (1.1.1)
    cookiejar (0.3.3)
    diff-lcs (1.2.5)
    docile (1.1.5)
    em-http-request (1.1.5)
      addressable (>= 2.3.4)
      cookiejar (!= 0.3.1)
      em-socksify (>= 0.3)
      eventmachine (>= 1.0.3)
      http_parser.rb (>= 0.6.0)
    em-socksify (0.3.1)
      eventmachine (>= 1.0.0.beta.4)
    eventmachine (1.2.1)
    faye-websocket (0.10.5)
      eventmachine (>= 0.12.0)
      websocket-driver (>= 0.5.1)
    github-markup (1.4.0)
    http_parser.rb (0.6.0)
    json (1.8.6)
    method_source (0.8.2)
    mixlib-cli (1.7.0)
    parser (2.3.3.1)
      ast (~> 2.2)
    powerpack (0.1.1)
    pry (0.10.4)
      coderay (~> 1.1.0)
      method_source (~> 0.8.1)
      slop (~> 3.4)
    public_suffix (2.0.5)
    rainbow (2.2.1)
    rake (10.5.0)
    redcarpet (3.4.0)
    rspec (3.5.0)
      rspec-core (~> 3.5.0)
      rspec-expectations (~> 3.5.0)
      rspec-mocks (~> 3.5.0)
    rspec-core (3.5.4)
      rspec-support (~> 3.5.0)
    rspec-expectations (3.5.0)
      diff-lcs (>= 1.2.0, < 2.0)
      rspec-support (~> 3.5.0)
    rspec-mocks (3.5.0)
      diff-lcs (>= 1.2.0, < 2.0)
      rspec-support (~> 3.5.0)
    rspec-support (3.5.0)
    rubocop (0.40.0)
      parser (>= 2.3.1.0, < 3.0)
      powerpack (~> 0.1)
      rainbow (>= 1.99.1, < 3.0)
      ruby-progressbar (~> 1.7)
      unicode-display_width (~> 1.0, >= 1.0.1)
    ruby-progressbar (1.8.1)
    sensu-plugin (1.4.4)
      json (< 2.0.0)
      mixlib-cli (>= 1.5.0)
    simplecov (0.12.0)
      docile (~> 1.1.0)
      json (>= 1.8, < 3)
      simplecov-html (~> 0.10.0)
    simplecov-html (0.10.0)
    slop (3.6.0)
    unicode-display_width (1.1.3)
    websocket-driver (0.6.4)
      websocket-extensions (>= 0.1.0)
    websocket-extensions (0.1.2)
    yard (0.9.8)

PLATFORMS
  ruby

DEPENDENCIES
  bundler (~> 1.7)
  codeclimate-test-reporter (~> 0.4)
  coinbase-exchange!
  github-markup (~> 1.3)
  jaxxstorm-sensu-plugins-coinbase!
  pry (~> 0.10)
  rake (~> 10.0)
  redcarpet (~> 3.2)
  rspec (~> 3.1)
  rubocop (~> 0.40.0)
  yard (~> 0.8)

BUNDLED WITH
   1.12.5
